GIT
  remote: git://github.com/activerecord-hackery/ransack.git
  revision: 64d8c402e6e79e8ec2966a15c35b98196813ef8e
  specs:
    ransack (1.7.0)
      actionpack (>= 3.0)
      activerecord (>= 3.0)
      activesupport (>= 3.0)
      i18n
      polyamorous (~> 1.3)

GIT
  remote: git://github.com/smartinez87/exception_notification.git
  revision: c3000b76c17dcaa7b0c70fe9fca902a9ffd381d8
  branch: rails5
  specs:
    exception_notification (5.0.0)
      actionmailer (~> 5.0.0.beta)
      activesupport (~> 5.0.0.beta)

GIT
  remote: git://github.com/y-yagi/exception_notification-idobata.git
  revision: 0949ac106712e89af4cb8d9150b8dc8bdd0e2011
  branch: exception_notification_5
  specs:
    exception_notification-idobata (1.0.0)
      exception_notification
      rest-client

GIT
  remote: git://github.com/y-yagi/turbolinks.git
  revision: 75115a3c217f54b447b780061ae0279abae1f146
  specs:
    turbolinks (3.0.0)
      coffee-rails

GEM
  remote: https://rubygems.org/
  remote: https://rails-assets.org/
  specs:
    actioncable (5.0.0.rc2)
      actionpack (= 5.0.0.rc2)
      nio4r (~> 1.2)
      websocket-driver (~> 0.6.1)
    actionmailer (5.0.0.rc2)
      actionpack (= 5.0.0.rc2)
      actionview (= 5.0.0.rc2)
      activejob (= 5.0.0.rc2)
      mail (~> 2.5, >= 2.5.4)
      rails-dom-testing (~> 1.0, >= 1.0.5)
    actionpack (5.0.0.rc2)
      actionview (= 5.0.0.rc2)
      activesupport (= 5.0.0.rc2)
      rack (~> 2.x)
      rack-test (~> 0.6.3)
      rails-dom-testing (~> 1.0, >= 1.0.5)
      rails-html-sanitizer (~> 1.0, >= 1.0.2)
    actionview (5.0.0.rc2)
      activesupport (= 5.0.0.rc2)
      builder (~> 3.1)
      erubis (~> 2.7.0)
      rails-dom-testing (~> 1.0, >= 1.0.5)
      rails-html-sanitizer (~> 1.0, >= 1.0.2)
    active_decorator (0.7.1)
    activejob (5.0.0.rc2)
      activesupport (= 5.0.0.rc2)
      globalid (>= 0.3.6)
    activemodel (5.0.0.rc2)
      activesupport (= 5.0.0.rc2)
    activerecord (5.0.0.rc2)
      activemodel (= 5.0.0.rc2)
      activesupport (= 5.0.0.rc2)
      arel (~> 7.0)
    activesupport (5.0.0.rc2)
      concurrent-ruby (~> 1.0, >= 1.0.2)
      i18n (~> 0.7)
      minitest (~> 5.1)
      tzinfo (~> 1.1)
    activesupport-testing-metadata (0.1.0)
      activesupport (>= 4.0)
    addressable (2.4.0)
    arel (7.0.0)
    array_form_helper (0.0.1)
      actionpack (>= 4.0)
    brakeman (3.3.2)
    builder (3.2.2)
    capybara (2.7.1)
      addressable
      mime-types (>= 1.16)
      nokogiri (>= 1.3.3)
      rack (>= 1.0.0)
      rack-test (>= 0.5.4)
      xpath (~> 2.0)
    cliver (0.3.2)
    coderay (1.1.1)
    coffee-rails (4.1.1)
      coffee-script (>= 2.2.0)
      railties (>= 4.0.0, < 5.1.x)
    coffee-script (2.4.1)
      coffee-script-source
      execjs
    coffee-script-source (1.10.0)
    concurrent-ruby (1.0.2)
    coveralls (0.8.13)
      json (~> 1.8)
      simplecov (~> 0.11.0)
      term-ansicolor (~> 1.3)
      thor (~> 0.19.1)
      tins (~> 1.6.0)
    crack (0.4.3)
      safe_yaml (~> 1.0.0)
    debug_inspector (0.0.2)
    docile (1.1.5)
    domain_name (0.5.20160615)
      unf (>= 0.0.5, < 1.0.0)
    doorkeeper (4.0.0.rc4)
      railties (>= 4.2)
    dotenv (2.1.1)
    dotenv-rails (2.1.1)
      dotenv (= 2.1.1)
      railties (>= 4.0, < 5.1)
    erubis (2.7.0)
    exception_notification-pushbullet (0.1.1)
      exception_notification
      ruby-pushbullet
    execjs (2.7.0)
    faraday (0.9.2)
      multipart-post (>= 1.2, < 3)
    ffi (1.9.10)
    formatador (0.2.5)
    garage-doorkeeper (2.0.0)
      doorkeeper (>= 2.0.0)
    geocoder (1.3.7)
    globalid (0.3.6)
      activesupport (>= 4.1.0)
    guard (2.14.0)
      formatador (>= 0.2.4)
      listen (>= 2.7, < 4.0)
      lumberjack (~> 1.0)
      nenv (~> 0.1)
      notiffany (~> 0.0)
      pry (>= 0.9.12)
      shellany (~> 0.0)
      thor (>= 0.18.1)
    guard-compat (1.2.1)
    guard-minitest (2.4.5)
      guard-compat (~> 1.2)
      minitest (>= 3.0)
    haml (4.0.7)
      tilt
    hashdiff (0.3.0)
    hashie (3.4.4)
    holiday_jp (0.4.3)
    http (0.9.8)
      addressable (~> 2.3)
      http-cookie (~> 1.0)
      http-form_data (~> 1.0.1)
      http_parser.rb (~> 0.6.0)
    http-cookie (1.0.2)
      domain_name (~> 0.5)
    http-form_data (1.0.1)
    http_accept_language (2.0.5)
    http_parser.rb (0.6.0)
    httparty (0.13.7)
      json (~> 1.8)
      multi_xml (>= 0.5.2)
    i18n (0.7.0)
    icalendar (2.3.0)
    jbuilder (2.5.0)
      activesupport (>= 3.0.0, < 5.1)
      multi_json (~> 1.2)
    jquery-rails (4.1.1)
      rails-dom-testing (>= 1, < 3)
      railties (>= 4.2.0)
      thor (>= 0.14, < 2.0)
    jquery-turbolinks (2.1.0)
      railties (>= 3.1.0)
      turbolinks
    json (1.8.3)
    jwt (1.5.1)
    kaminari (0.17.0)
      actionpack (>= 3.0.0)
      activesupport (>= 3.0.0)
    kgio (2.10.0)
    launchy (2.4.3)
      addressable (~> 2.3)
    listen (3.1.5)
      rb-fsevent (~> 0.9, >= 0.9.4)
      rb-inotify (~> 0.9, >= 0.9.7)
      ruby_dep (~> 1.2)
    loofah (2.0.3)
      nokogiri (>= 1.5.9)
    lumberjack (1.0.10)
    mail (2.6.4)
      mime-types (>= 1.16, < 4)
    method_source (0.8.2)
    mime-types (2.99.2)
    mini_portile2 (2.1.0)
    minitest (5.9.0)
    minitest-slow_test (0.1.0)
      minitest (>= 5.0)
    minitest-sound (0.0.8)
      minitest (>= 5.0)
    minitest-test_profile (0.2.1)
      coveralls
      minitest
    multi_json (1.12.1)
    multi_xml (0.5.5)
    multipart-post (2.0.0)
    nenv (0.3.0)
    netrc (0.11.0)
    nio4r (1.2.1)
    nokogiri (1.6.8)
      mini_portile2 (~> 2.1.0)
      pkg-config (~> 1.1.7)
    notiffany (0.1.0)
      nenv (~> 0.1)
      shellany (~> 0.0)
    oauth (0.5.1)
    oauth2 (1.1.0)
      faraday (>= 0.8, < 0.10)
      jwt (~> 1.0, < 1.5.2)
      multi_json (~> 1.3)
      multi_xml (~> 0.5)
      rack (>= 1.2, < 3)
    oj (2.15.1)
    omniauth (1.3.1)
      hashie (>= 1.2, < 4)
      rack (>= 1.0, < 3)
    omniauth-facebook (3.0.0)
      omniauth-oauth2 (~> 1.2)
    omniauth-google-oauth2 (0.4.0)
      jwt (~> 1.5.0)
      multi_json (~> 1.3)
      omniauth (>= 1.1.1)
      omniauth-oauth2 (>= 1.3.1)
    omniauth-oauth (1.1.0)
      oauth
      omniauth (~> 1.0)
    omniauth-oauth2 (1.3.1)
      oauth2 (~> 1.0)
      omniauth (~> 1.2)
    omniauth-twitter (1.2.1)
      json (~> 1.3)
      omniauth-oauth (~> 1.1)
    pg (0.18.4)
    pg_array_parser (0.0.9)
    picasa (0.9.1)
      httparty
    pkg-config (1.1.7)
    poltergeist (1.9.0)
      capybara (~> 2.1)
      cliver (~> 0.3.1)
      multi_json (~> 1.0)
      websocket-driver (>= 0.2.0)
    polyamorous (1.3.0)
      activerecord (>= 3.0)
    pry (0.10.3)
      coderay (~> 1.1.0)
      method_source (~> 0.8.1)
      slop (~> 3.4)
    pry-nav (0.2.4)
      pry (>= 0.9.10, < 0.11.0)
    pry-rails (0.3.4)
      pry (>= 0.9.10)
    quiet_assets (1.1.0)
      railties (>= 3.1, < 5.0)
    rack (2.0.0.rc1)
      json
    rack-accept-default (0.0.2)
      rack
    rack-mini-profiler (0.10.1)
      rack (>= 1.2.0)
    rack-test (0.6.3)
      rack (>= 1.0)
    rails (5.0.0.rc2)
      actioncable (= 5.0.0.rc2)
      actionmailer (= 5.0.0.rc2)
      actionpack (= 5.0.0.rc2)
      actionview (= 5.0.0.rc2)
      activejob (= 5.0.0.rc2)
      activemodel (= 5.0.0.rc2)
      activerecord (= 5.0.0.rc2)
      activesupport (= 5.0.0.rc2)
      bundler (>= 1.3.0, < 2.0)
      railties (= 5.0.0.rc2)
      sprockets-rails (>= 2.0.0)
    rails-assets-bootstrap-css (3.3.6)
    rails-assets-bootstrap-tagsinput (0.8.0)
      rails-assets-jquery (~> 2.1.1)
    rails-assets-fullcalendar (2.7.3)
      rails-assets-jquery (>= 1.7.1)
      rails-assets-moment (>= 2.5.0)
    rails-assets-jquery (2.1.4)
    rails-assets-jquery-placeholder (2.3.1)
      rails-assets-jquery (>= 1.6)
    rails-assets-jquery-validate (1.15.0)
      rails-assets-jquery (>= 1.7.2)
    rails-assets-jquery.stellar (0.6.2)
      rails-assets-jquery (>= 1.4.3)
    rails-assets-modernizr (2.8.3)
    rails-assets-moment (2.13.0)
    rails-assets-respond (1.4.2)
    rails-assets-smoothscroll (0.3.3)
    rails-deprecated_sanitizer (1.0.3)
      activesupport (>= 4.2.0.alpha)
    rails-dom-testing (1.0.7)
      activesupport (>= 4.2.0.beta, < 5.0)
      nokogiri (~> 1.6.0)
      rails-deprecated_sanitizer (>= 1.0.1)
    rails-footnotes (4.1.8)
      rails (>= 3.2)
    rails-html-sanitizer (1.0.3)
      loofah (~> 2.0)
    rails_12factor (0.0.3)
      rails_serve_static_assets
      rails_stdout_logging
    rails_serve_static_assets (0.0.5)
    rails_stdout_logging (0.0.5)
    railties (5.0.0.rc2)
      actionpack (= 5.0.0.rc2)
      activesupport (= 5.0.0.rc2)
      method_source
      rake (>= 0.8.7)
      thor (>= 0.18.1, < 2.0)
    raindrops (0.16.0)
    rake (10.5.0)
    rake-guardian (0.1.0)
      activesupport
      rake (~> 10.0)
    rambulance (0.3.1)
      actionpack
      activesupport
      railties
    rb-fsevent (0.9.7)
    rb-inotify (0.9.7)
      ffi (>= 0.5.0)
    redcarpet (3.3.4)
    responders (2.2.0)
      railties (>= 4.2.0, < 5.1)
    rest-client (1.8.0)
      http-cookie (>= 1.0.2, < 2.0)
      mime-types (>= 1.16, < 3.0)
      netrc (~> 0.7)
    rollbar (2.11.5)
      multi_json
    ruby-pushbullet (0.1.4)
      json
      rest-client (~> 1.8.0)
    ruby_dep (1.3.1)
    safe_yaml (1.0.4)
    sass (3.4.22)
    sass-rails (5.0.4)
      railties (>= 4.0.0, < 5.0)
      sass (~> 3.1)
      sprockets (>= 2.8, < 4.0)
      sprockets-rails (>= 2.0, < 4.0)
      tilt (>= 1.1, < 3)
    shellany (0.0.1)
    simplecov (0.11.2)
      docile (~> 1.1.0)
      json (~> 1.8)
      simplecov-html (~> 0.10.0)
    simplecov-html (0.10.0)
    skylight (0.10.4)
      activesupport (>= 3.0.0)
    slim (3.0.7)
      temple (~> 0.7.6)
      tilt (>= 1.3.3, < 2.1)
    slim-rails (3.1.0)
      actionpack (>= 3.1)
      railties (>= 3.1)
      slim (~> 3.0)
    slop (3.6.0)
    spring (1.7.1)
    sprockets (3.6.2)
      concurrent-ruby (~> 1.0)
      rack (> 1, < 3)
    sprockets-rails (3.0.4)
      actionpack (>= 4.0)
      activesupport (>= 4.0)
      sprockets (>= 3.0.0)
    temple (0.7.7)
    term-ansicolor (1.3.2)
      tins (~> 1.0)
    the_garage (2.1.0)
      coffee-rails
      haml
      hashie
      http_accept_language (>= 2.0.0)
      oauth2
      oj
      rack-accept-default (~> 0.0.2)
      rails (>= 4.0.0)
      redcarpet (>= 3.1.1)
      responders
      sass-rails
    thor (0.19.1)
    thread_safe (0.3.5)
    tilt (2.0.5)
    tins (1.6.0)
    tzinfo (1.2.2)
      thread_safe (~> 0.1)
    uglifier (3.0.0)
      execjs (>= 0.3.0, < 3)
    unf (0.1.4)
      unf_ext
    unf_ext (0.0.7.2)
    unicorn (5.1.0)
      kgio (~> 2.6)
      raindrops (~> 0.7)
    vcr (3.0.3)
    web-console (3.3.0)
      activemodel (>= 4.2)
      debug_inspector
      railties (>= 4.2)
    webmock (2.1.0)
      addressable (>= 2.3.6)
      crack (>= 0.3.2)
      hashdiff
    websocket-driver (0.6.4)
      websocket-extensions (>= 0.1.0)
    websocket-extensions (0.1.2)
    xpath (2.0.0)
      nokogiri (~> 1.3)

PLATFORMS
  ruby

DEPENDENCIES
  active_decorator
  activesupport-testing-metadata
  array_form_helper
  brakeman
  capybara
  coffee-rails
  coveralls
  doorkeeper (~> 4.0.x)
  dotenv-rails
  exception_notification!
  exception_notification-idobata!
  exception_notification-pushbullet
  garage-doorkeeper
  geocoder
  guard
  guard-minitest
  holiday_jp
  http (= 0.9.8)
  icalendar
  jbuilder
  jquery-rails
  jquery-turbolinks
  kaminari
  launchy
  minitest-slow_test
  minitest-sound
  minitest-test_profile
  nokogiri (>= 1.6.8)
  oauth2
  omniauth
  omniauth-facebook
  omniauth-google-oauth2
  omniauth-oauth2 (= 1.3.1)
  omniauth-twitter
  pg
  pg_array_parser
  picasa
  poltergeist
  pry-nav
  pry-rails
  quiet_assets
  rack-mini-profiler
  rails (= 5.0.0.rc2)
  rails-assets-bootstrap-css!
  rails-assets-bootstrap-tagsinput!
  rails-assets-fullcalendar!
  rails-assets-jquery-placeholder!
  rails-assets-jquery-validate!
  rails-assets-jquery.stellar!
  rails-assets-modernizr (= 2.8.3)!
  rails-assets-moment!
  rails-assets-respond!
  rails-assets-smoothscroll!
  rails-footnotes
  rails_12factor
  rake-guardian
  rambulance
  ransack!
  responders
  rollbar
  sass-rails
  skylight
  slim-rails
  spring
  the_garage
  turbolinks!
  uglifier (>= 1.3.0)
  unicorn
  vcr
  web-console (>= 2.1.3)
  webmock

BUNDLED WITH
   1.11.2
